GEM
  remote: https://rubygems.org/
  specs:
    daemons (1.2.3)
    em-websocket (0.5.1)
      eventmachine (>= 0.12.9)
      http_parser.rb (~> 0.6.0)
    eventmachine (1.0.8)
    file-tail (1.1.0)
      tins (~> 1.0)
    http_parser.rb (0.6.0)
    rack (1.6.4)
    rack-protection (1.5.3)
      rack
    sinatra (1.4.6)
      rack (~> 1.4)
      rack-protection (~> 1.4)
      tilt (>= 1.3, < 3)
    thin (1.5.1)
      daemons (>= 1.0.9)
      eventmachine (>= 0.12.6)
      rack (>= 1.0.0)
    tilt (2.0.1)
    tins (1.6.0)

PLATFORMS
  ruby
  x86-mingw32

DEPENDENCIES
  em-websocket
  file-tail
  sinatra
  thin

BUNDLED WITH
   1.10.6
